GEM
  remote: https://rubygems.org/
  specs:
    activemodel (4.2.4)
      activesupport (= 4.2.4)
      builder (~> 3.1)
    activerecord (4.2.4)
      activemodel (= 4.2.4)
      activesupport (= 4.2.4)
      arel (~> 6.0)
    activesupport (4.2.4)
      i18n (~> 0.7)
      json (~> 1.7, >= 1.7.7)
      minitest (~> 5.1)
      thread_safe (~> 0.3, >= 0.3.4)
      tzinfo (~> 1.1)
    arel (6.0.3)
    builder (3.2.2)
    byebug (6.0.2)
    database_cleaner (1.5.1)
    factory_girl (4.5.0)
      activesupport (>= 3.0.0)
    htmlentities (4.3.4)
    i18n (0.7.0)
    json (1.8.3)
    mini_portile (0.6.2)
    minitest (5.8.1)
    mysql2 (0.3.20)
    nokogiri (1.6.6.2)
      mini_portile (~> 0.6.0)
    rake (10.4.2)
    thread_safe (0.3.5)
    tzinfo (1.2.2)
      thread_safe (~> 0.1)

PLATFORMS
  ruby

DEPENDENCIES
  activerecord (~> 4.2, >= 4.2.4)
  byebug (~> 6.0)
  database_cleaner (~> 1.5.1)
  factory_girl (~> 4.5)
  htmlentities (~> 4.3)
  minitest (~> 5.8)
  mysql2 (~> 0.3.18)
  nokogiri (= 1.6.6.2)
  rake (~> 10.4)

BUNDLED WITH
   1.10.6
